GEM
  remote: https://rubygems.org/
  specs:
    addressable (2.5.1)
      public_suffix (~> 2.0, >= 2.0.2)
    childprocess (0.5.6)
      ffi (~> 1.0, >= 1.0.11)
    data_magic (0.21)
      faker (>= 1.1.2)
      yml_reader (>= 0.4)
    declarative (0.0.9)
    declarative-option (0.1.0)
    dotenv (2.2.1)
    faker (1.5.0)
      i18n (~> 0.5)
    faraday (0.12.2)
      multipart-post (>= 1.2, < 3)
    ffi (1.9.10)
    headless (2.2.0)
    httpclient (2.8.3)
    i18n (0.7.0)
    jwt (1.5.6)
    little-plugger (1.1.4)
    logging (2.2.2)
      little-plugger (~> 1.1)
      multi_json (~> 1.10)
    memoist (0.16.0)
    mime-types (3.1)
      mime-types-data (~> 3.2015)
    mime-types-data (3.2016.0521)
    multi_json (1.11.2)
    multipart-post (2.0.0)
    os (0.9.6)
    page-object (1.1.0)
      page_navigation (>= 0.9)
      selenium-webdriver (>= 2.44.0)
      watir-webdriver (>= 0.6.11)
    page_navigation (0.9)
      data_magic (>= 0.14)
    public_suffix (2.0.5)
    representable (3.0.4)
      declarative (< 0.1.0)
      declarative-option (< 0.2.0)
      uber (< 0.2.0)
    retriable (3.1.1)
    rmail (1.1.3)
    rubyzip (1.1.7)
    selenium-webdriver (2.47.1)
      childprocess (~> 0.5)
      multi_json (~> 1.0)
      rubyzip (~> 1.0)
      websocket (~> 1.0)
    signet (0.7.3)
      addressable (~> 2.3)
      faraday (~> 0.9)
      jwt (~> 1.5)
      multi_json (~> 1.10)
    table_print (1.5.6)
    thor (0.19.4)
    uber (0.1.0)
    watir-webdriver (0.8.0)
      selenium-webdriver (>= 2.46.2)
    websocket (1.2.2)
    yml_reader (0.5)

PLATFORMS
  ruby

DEPENDENCIES
  dotenv
  headless
  os (~> 0.9)
  page-object
  rmail (~> 1.1)
  table_print
  thor (~> 0.19)
  watir-webdriver

BUNDLED WITH
   1.12.5
