GEM
  remote: https://rubygems.org/
  specs:
    childprocess (0.5.6)
      ffi (~> 1.0, >= 1.0.11)
    data_magic (0.21)
      faker (>= 1.1.2)
      yml_reader (>= 0.4)
    faker (1.5.0)
      i18n (~> 0.5)
    ffi (1.9.10)
    headless (2.2.0)
    i18n (0.7.0)
    multi_json (1.11.2)
    page-object (1.1.0)
      page_navigation (>= 0.9)
      selenium-webdriver (>= 2.44.0)
      watir-webdriver (>= 0.6.11)
    page_navigation (0.9)
      data_magic (>= 0.14)
    rubyzip (1.1.7)
    selenium-webdriver (2.47.1)
      childprocess (~> 0.5)
      multi_json (~> 1.0)
      rubyzip (~> 1.0)
      websocket (~> 1.0)
    watir-webdriver (0.8.0)
      selenium-webdriver (>= 2.46.2)
    websocket (1.2.2)
    yml_reader (0.5)

PLATFORMS
  ruby

DEPENDENCIES
  headless
  page-object
  watir-webdriver

BUNDLED WITH
   1.10.6
